PATH
  remote: .
  specs:
    falkorlib (0.8.8)
      activesupport (~> 4.0)
      artii (>= 2.1)
      awesome_print (> 1.2)
      configatron (~> 3.0)
      deep_merge (~> 1.0)
      diffy (>= 3.0)
      facter (~> 2.4.1)
      git_remote_branch (~> 0)
      json (> 2.0)
      license-generator (~> 0)
      logger (>= 1.2.8)
      minigit (~> 0)
      rake (>= 12.3.3)
      term-ansicolor (> 1.3)
      thor (>= 1.0)

GEM
  remote: http://rubygems.org/
  specs:
    activesupport (4.2.11.1)
      i18n (~> 0.7)
      minitest (~> 5.1)
      thread_safe (~> 0.3, >= 0.3.4)
      tzinfo (~> 1.1)
    addressable (2.4.0)
    artii (2.1.2)
    ast (2.4.0)
    awesome_print (1.8.0)
    backports (3.17.1)
    coderay (1.1.2)
    concurrent-ruby (1.1.6)
    configatron (3.2.0)
    deep_merge (1.2.1)
    diff-lcs (1.3)
    diffy (3.3.0)
    docile (1.3.2)
    ethon (0.12.0)
      ffi (>= 1.3.0)
    facter (2.4.6)
    faraday (0.17.3)
      multipart-post (>= 1.2, < 3)
    faraday_middleware (0.14.0)
      faraday (>= 0.7.4, < 1.0)
    ffi (1.12.2)
    gh (0.15.1)
      addressable (~> 2.4.0)
      backports
      faraday (~> 0.8)
      multi_json (~> 1.0)
      net-http-persistent (~> 2.9)
      net-http-pipeline
    git_remote_branch (0.3.8)
    hashr (0.0.22)
    highline (1.7.10)
    i18n (0.9.5)
      concurrent-ruby (~> 1.0)
    irb (1.1.1)
    json (2.3.0)
    launchy (2.4.3)
      addressable (~> 2.3)
    license-generator (0.4.1)
      thor
    logger (1.4.2)
    method_source (1.0.0)
    minigit (0.0.4)
    minitest (5.14.0)
    multi_json (1.14.1)
    multipart-post (2.1.1)
    net-http-persistent (2.9.4)
    net-http-pipeline (1.0.1)
    parallel (1.19.1)
    parser (2.7.1.0)
      ast (~> 2.4.0)
    powerpack (0.1.2)
    pry (0.13.0)
      coderay (~> 1.1)
      method_source (~> 1.0)
    pusher-client (0.6.2)
      json
      websocket (~> 1.0)
    rainbow (2.2.2)
      rake
    rake (13.0.1)
    rspec (3.9.0)
      rspec-core (~> 3.9.0)
      rspec-expectations (~> 3.9.0)
      rspec-mocks (~> 3.9.0)
    rspec-core (3.9.1)
      rspec-support (~> 3.9.1)
    rspec-expectations (3.9.1)
      diff-lcs (>= 1.2.0, < 2.0)
      rspec-support (~> 3.9.0)
    rspec-mocks (3.9.1)
      diff-lcs (>= 1.2.0, < 2.0)
      rspec-support (~> 3.9.0)
    rspec-support (3.9.2)
    rubocop (0.49.1)
      parallel (~> 1.10)
      parser (>= 2.3.3.1, < 3.0)
      powerpack (~> 0.1)
      rainbow (>= 1.99.1, < 3.0)
      ruby-progressbar (~> 1.7)
      unicode-display_width (~> 1.0, >= 1.0.1)
    ruby-progressbar (1.10.1)
    rubygems-tasks (0.2.5)
      irb (~> 1.0)
    safe_yaml (0.9.7)
    simplecov (0.17.1)
      docile (~> 1.1)
      json (>= 1.8, < 3)
      simplecov-html (~> 0.10.0)
    simplecov-html (0.10.2)
    sync (0.5.0)
    term-ansicolor (1.7.1)
      tins (~> 1.0)
    thor (1.0.1)
    thread_safe (0.3.6)
    tins (1.24.1)
      sync
    travis (1.8.13)
      backports
      faraday (~> 0.9)
      faraday_middleware (~> 0.9, >= 0.9.1)
      gh (~> 0.13)
      highline (~> 1.6)
      launchy (~> 2.1)
      pusher-client (~> 0.4)
      typhoeus (~> 0.6, >= 0.6.8)
    travis-lint (1.8.0)
      hashr (~> 0.0.22)
      safe_yaml (~> 0.9.0)
    typhoeus (0.8.0)
      ethon (>= 0.8.0)
    tzinfo (1.2.7)
      thread_safe (~> 0.1)
    unicode-display_width (1.7.0)
    websocket (1.2.8)
    yard (0.9.24)

PLATFORMS
  ruby
  x86_64-darwin-16
  x86_64-darwin-17
  x86_64-darwin-18

DEPENDENCIES
  falkorlib!
  pry (~> 0.9)
  rspec (~> 3.0)
  rubocop (~> 0.49.0)
  rubygems-tasks (~> 0.2)
  simplecov (<= 0.17.1)
  travis (~> 1.6)
  travis-lint (~> 1.8)
  yard (>= 0.9.20)

BUNDLED WITH
   2.1.4
